PATH
  remote: .
  specs:
    cranberry (0.0.1.alpha)
      em-websocket
      eventmachine
      json
      paint

GEM
  remote: https://rubygems.org/
  specs:
    diff-lcs (1.2.4)
    em-websocket (0.5.0)
      eventmachine (>= 0.12.9)
      http_parser.rb (~> 0.5.3)
    eventmachine (1.0.3)
    http_parser.rb (0.5.3)
    json (1.8.1)
    paint (0.8.6)
    rake (10.1.0)
    rspec (2.14.1)
      rspec-core (~> 2.14.0)
      rspec-expectations (~> 2.14.0)
      rspec-mocks (~> 2.14.0)
    rspec-core (2.14.6)
    rspec-expectations (2.14.3)
      diff-lcs (>= 1.1.3, < 2.0)
    rspec-mocks (2.14.4)

PLATFORMS
  ruby

DEPENDENCIES
  bundler (~> 1.3)
  cranberry!
  rake
  rspec
