PATH
  remote: .
  specs:
    cranberry (0.0.1.alpha)
      em-websocket
      eventmachine
      json
      paint

GEM
  remote: https://rubygems.org/
  specs:
    celluloid (0.15.2)
      timers (~> 1.1.0)
    coderay (1.0.9)
    diff-lcs (1.2.4)
    em-websocket (0.5.0)
      eventmachine (>= 0.12.9)
      http_parser.rb (~> 0.5.3)
    eventmachine (1.0.3)
    ffi (1.9.3)
    formatador (0.2.4)
    guard (2.2.2)
      formatador (>= 0.2.4)
      listen (~> 2.1)
      lumberjack (~> 1.0)
      pry (>= 0.9.12)
      thor (>= 0.18.1)
    guard-rspec (4.0.3)
      guard (>= 2.1.1)
      rspec (~> 2.14)
    http_parser.rb (0.5.3)
    json (1.8.1)
    listen (2.2.0)
      celluloid (>= 0.15.2)
      rb-fsevent (>= 0.9.3)
      rb-inotify (>= 0.9)
    lumberjack (1.0.4)
    method_source (0.8.2)
    paint (0.8.6)
    pry (0.9.12.2)
      coderay (~> 1.0.5)
      method_source (~> 0.8)
      slop (~> 3.4)
    rake (10.1.0)
    rb-fsevent (0.9.3)
    rb-inotify (0.9.2)
      ffi (>= 0.5.0)
    rspec (2.14.1)
      rspec-core (~> 2.14.0)
      rspec-expectations (~> 2.14.0)
      rspec-mocks (~> 2.14.0)
    rspec-core (2.14.7)
    rspec-expectations (2.14.3)
      diff-lcs (>= 1.1.3, < 2.0)
    rspec-mocks (2.14.4)
    rubysl-curses (2.0.0)
    slop (3.4.6)
    terminal-notifier-guard (1.5.3)
    thor (0.18.1)
    timers (1.1.0)

PLATFORMS
  ruby

DEPENDENCIES
  bundler (~> 1.3)
  cranberry!
  guard-rspec
  pry
  rake
  rspec
  rubysl-curses
  terminal-notifier-guard
